GEM
  specs:
    docile (1.1.5)
    json (1.8.1)
    minitest (5.7.0)
    simplecov (0.10.0)
      docile (~> 1.1.0)
      json (~> 1.8)
      simplecov-html (~> 0.10.0)
    simplecov-html (0.10.0)

PLATFORMS
  ruby

DEPENDENCIES
  minitest (~> 5.0)
  simplecov

BUNDLED WITH
   1.10.5
